PATH
  remote: .
  specs:
    k2_connect_ruby_api_gem (0.7.25)

GEM
  remote: https://rubygems.org/
  specs:
    diff-lcs (1.3)
    hashie (3.6.0)
    rake (10.5.0)
    rspec (3.8.0)
      rspec-core (~> 3.8.0)
      rspec-expectations (~> 3.8.0)
      rspec-mocks (~> 3.8.0)
    rspec-core (3.8.0)
      rspec-support (~> 3.8.0)
    rspec-expectations (3.8.2)
      diff-lcs (>= 1.2.0, < 2.0)
      rspec-support (~> 3.8.0)
    rspec-mocks (3.8.0)
      diff-lcs (>= 1.2.0, < 2.0)
      rspec-support (~> 3.8.0)
    rspec-support (3.8.0)
    yajl-ruby (1.4.1)

PLATFORMS
  ruby

DEPENDENCIES
  bundler (~> 2.0)
  hashie
  k2_connect_ruby_api_gem!
  rake (~> 10.0)
  rspec (~> 3.0)
  yajl-ruby

BUNDLED WITH
   2.0.1
