PATH
  remote: .
  specs:
    k2_connect_ruby (0.8.18)

GEM
  remote: https://rubygems.org/
  specs:
    activesupport (5.2.2)
      concurrent-ruby (~> 1.0, >= 1.0.2)
      i18n (>= 0.7, < 2)
      minitest (~> 5.1)
      tzinfo (~> 1.1)
    concurrent-ruby (1.1.4)
    diff-lcs (1.3)
    hashie (3.6.0)
    i18n (1.5.3)
      concurrent-ruby (~> 1.0)
    minitest (5.11.3)
    rake (10.5.0)
    rspec (3.8.0)
      rspec-core (~> 3.8.0)
      rspec-expectations (~> 3.8.0)
      rspec-mocks (~> 3.8.0)
    rspec-core (3.8.0)
      rspec-support (~> 3.8.0)
    rspec-expectations (3.8.2)
      diff-lcs (>= 1.2.0, < 2.0)
      rspec-support (~> 3.8.0)
    rspec-mocks (3.8.0)
      diff-lcs (>= 1.2.0, < 2.0)
      rspec-support (~> 3.8.0)
    rspec-support (3.8.0)
    thread_safe (0.3.6)
    tzinfo (1.2.5)
      thread_safe (~> 0.1)
    yajl-ruby (1.4.1)

PLATFORMS
  ruby

DEPENDENCIES
  activesupport
  bundler (~> 2.0)
  hashie
  k2_connect_ruby!
  rake (~> 10.0)
  rspec (~> 3.0)
  yajl-ruby

BUNDLED WITH
   2.0.1
